GEM
  remote: https://rubygems.org/
  specs:
    clearbit (0.2.7)
      nestful (~> 1.1.0)
    coderay (1.1.1)
    daemons (1.2.4)
    eventmachine (1.2.3)
    method_source (0.8.2)
    mustermann (1.0.0)
    nestful (1.1.1)
    pry (0.10.4)
      coderay (~> 1.1.0)
      method_source (~> 0.8.1)
      slop (~> 3.4)
    rack (2.2.8.1)
    rack-protection (2.0.0)
      rack
    sinatra (2.0.0)
      mustermann (~> 1.0)
      rack (~> 2.0)
      rack-protection (= 2.0.0)
      tilt (~> 2.0)
    slop (3.6.0)
    thin (1.7.2)
      daemons (~> 1.0, >= 1.0.9)
      eventmachine (~> 1.0, >= 1.0.4)
      rack (>= 1, < 3)
    tilt (2.0.7)

PLATFORMS
  ruby

DEPENDENCIES
  clearbit
  pry
  sinatra
  thin

BUNDLED WITH
   1.15.1
